PATH
  remote: .
  specs:
    jog (0.0.5)
      activesupport
      colored
      thor

GEM
  remote: http://rubygems.org/
  specs:
    activesupport (3.2.12)
      i18n (~> 0.6)
      multi_json (~> 1.0)
    colored (1.2)
    i18n (0.6.4)
    multi_json (1.6.1)
    thor (0.17.0)

PLATFORMS
  ruby

DEPENDENCIES
  jog!
