PATH
  remote: .
  specs:
    jog (0.0.3)
      activesupport
      thor

GEM
  remote: http://rubygems.org/
  specs:
    activesupport (3.2.3)
      i18n (~> 0.6)
      multi_json (~> 1.0)
    i18n (0.6.0)
    multi_json (1.3.4)
    thor (0.15.2)

PLATFORMS
  ruby

DEPENDENCIES
  jog!
